PATH
  remote: .
  specs:
    ruboty-vulca (0.1.0)
      ruboty

GEM
  remote: https://rubygems.org/
  specs:
    activesupport (4.2.6)
      i18n (~> 0.7)
      json (~> 1.7, >= 1.7.7)
      minitest (~> 5.1)
      thread_safe (~> 0.3, >= 0.3.4)
      tzinfo (~> 1.1)
    dotenv (2.1.1)
    i18n (0.7.0)
    json (1.8.3)
    mem (0.1.5)
    minitest (5.9.0)
    rake (10.4.2)
    ruboty (1.2.4)
      activesupport
      bundler
      dotenv
      mem
      slop
    slop (4.3.0)
    thread_safe (0.3.5)
    tzinfo (1.2.2)
      thread_safe (~> 0.1)

PLATFORMS
  ruby

DEPENDENCIES
  bundler (~> 1.11)
  rake (~> 10.0)
  ruboty-vulca!

BUNDLED WITH
   1.11.2
